REFERENCES: STRICT
RESTRICTION: == net45
NUGET
  remote: https://www.nuget.org/api/v2
    DnsClient (1.0.7)
      System.Buffers (>= 4.3)
    mongocsharpdriver (2.5)
      DnsClient (>= 1.0.7)
      MongoDB.Bson (>= 2.5)
      MongoDB.Driver (>= 2.5)
      MongoDB.Driver.Core (>= 2.5)
    MongoDB.Bson (2.5)
    MongoDB.Driver (2.5)
      MongoDB.Bson (>= 2.5)
      MongoDB.Driver.Core (>= 2.5)
    MongoDB.Driver.Core (2.5)
      DnsClient (>= 1.0.7)
      MongoDB.Bson (>= 2.5)
      System.Runtime.InteropServices.RuntimeInformation (>= 4.0)
    System.Buffers (4.4)
      System.Diagnostics.Debug (>= 4.3)
      System.Diagnostics.Tracing (>= 4.3)
      System.Resources.ResourceManager (>= 4.3)
      System.Runtime (>= 4.3)
      System.Threading (>= 4.3)
    System.Diagnostics.Debug (4.3)
    System.Diagnostics.Tracing (4.3)
    System.Resources.ResourceManager (4.3)
    System.Runtime (4.3)
    System.Runtime.InteropServices.RuntimeInformation (4.0)
    System.Threading (4.3)
